GEM
  remote: https://rubygems.org/
  specs:
    mini_portile2 (2.3.0)
    nokogiri (1.8.4)
      mini_portile2 (~> 2.3.0)
    sax-machine (1.3.2)

PLATFORMS
  ruby

DEPENDENCIES
  nokogiri
  sax-machine

BUNDLED WITH
   1.16.1
